PATH
  remote: .
  specs:
    rails-api-controller-generator (0.1.1)

GEM
  remote: https://rubygems.org/
  specs:
    byebug (10.0.2)
    diff-lcs (1.3)
    fakefs (0.20.1)
    rake (13.0.1)
    rspec (3.8.0)
      rspec-core (~> 3.8.0)
      rspec-expectations (~> 3.8.0)
      rspec-mocks (~> 3.8.0)
    rspec-core (3.8.0)
      rspec-support (~> 3.8.0)
    rspec-expectations (3.8.0)
      diff-lcs (>= 1.2.0, < 2.0)
      rspec-support (~> 3.8.0)
    rspec-mocks (3.8.0)
      diff-lcs (>= 1.2.0, < 2.0)
      rspec-support (~> 3.8.0)
    rspec-support (3.8.0)

PLATFORMS
  ruby

DEPENDENCIES
  bundler (~> 1.16)
  byebug
  fakefs
  rails-api-controller-generator!
  rake (~> 13.0)
  rspec (~> 3.0)

BUNDLED WITH
   1.17.2
